PATH
  remote: .
  specs:
    assume (0.1.1)

GEM
  remote: https://rubygems.org/
  specs:
    diff-lcs (1.4.4)
    io-console (0.5.6)
    irb (1.2.7)
      reline (>= 0.1.5)
    rake (10.5.0)
    reline (0.1.9)
      io-console (~> 0.5)
    rspec (3.10.0)
      rspec-core (~> 3.10.0)
      rspec-expectations (~> 3.10.0)
      rspec-mocks (~> 3.10.0)
    rspec-core (3.10.0)
      rspec-support (~> 3.10.0)
    rspec-expectations (3.10.0)
      diff-lcs (>= 1.2.0, < 2.0)
      rspec-support (~> 3.10.0)
    rspec-mocks (3.10.0)
      diff-lcs (>= 1.2.0, < 2.0)
      rspec-support (~> 3.10.0)
    rspec-support (3.10.0)

PLATFORMS
  ruby

DEPENDENCIES
  assume!
  bundler (~> 2.1)
  irb
  rake (~> 10.0)
  rspec (~> 3.0)

BUNDLED WITH
   2.2.22
